GEM
  remote: https://rubygems.org/
  specs:
    artii (2.1.2)
    colorize (0.8.1)
    csv (3.1.2)
    tty-progressbar (0.10.1)
      tty-screen (~> 0.5.0)
    tty-screen (0.5.1)

PLATFORMS
  ruby

DEPENDENCIES
  artii (~> 2.1)
  colorize (~> 0.8.1)
  csv
  tty-progressbar

BUNDLED WITH
   2.1.4
