GEM
  remote: https://rubygems.org/
  specs:
    artii (2.1.2)
    equatable (0.6.1)
    hitimes (2.0.0)
    necromancer (0.4.0)
    pastel (0.7.3)
      equatable (~> 0.6)
      tty-color (~> 0.5)
    timers (4.1.2)
      hitimes
    tty-color (0.5.1)
    tty-cursor (0.5.0)
    tty-progressbar (0.10.1)
      tty-screen (~> 0.5.0)
    tty-prompt (0.13.2)
      necromancer (~> 0.4.0)
      pastel (~> 0.7.0)
      timers (~> 4.1.2)
      tty-cursor (~> 0.5.0)
      tty-reader (~> 0.1.0)
    tty-reader (0.1.0)
      wisper (~> 2.0.0)
    tty-screen (0.5.1)
    wisper (2.0.1)

PLATFORMS
  ruby

DEPENDENCIES
  artii (~> 2.1)
  tty-progressbar
  tty-prompt

BUNDLED WITH
   2.1.4
